GEM
  remote: https://rubygems.org/
  specs:
    rake (13.0.1)
    rdoc (4.1.0)

PLATFORMS
  ruby

DEPENDENCIES
  rake (>= 12.3.3)
  rdoc

BUNDLED WITH
   1.17.3
